NUGET
  remote: https://www.nuget.org/api/v2
  specs:
    FAKE (4.17.0)
    FSharp.Compiler.Service (1.4.2.3)
    FSharp.Formatting (2.13.4)
      FSharp.Compiler.Service (>= 1.4.2 < 1.5.0)
      FSharpVSPowerTools.Core (>= 2.2.0 < 2.3.0)
    FSharpVSPowerTools.Core (2.2.0)
      FSharp.Compiler.Service (>= 1.4.2.0)
    Yaaf.AdvancedBuilding (0.12.2)
      FAKE (4.17.0)
      FSharp.Formatting (2.13.4)
      FSharpVSPowerTools.Core (2.2.0)

GROUP Build
NUGET
  remote: https://www.nuget.org/api/v2
  specs:
    FSharp.Core (4.0.0.1)
    NUnit (3.0.1)
    NUnit.Console (3.0.1)
    NUnit.Runners (3.0.1)
      NUnit.Console (3.0.1)
    Unquote (3.1.1)
